GIT
  remote: git@github.com:norman/babosa
  revision: 03a614a8f32c0da9fb85414140bda3db4f4cf144
  specs:
    babosa (1.0.3)

GEM
  remote: https://rubygems.org/
  specs:
    addressable (2.7.0)
      public_suffix (>= 2.0.2, < 5.0)
    backports (3.18.1)
    diff-lcs (1.4.4)
    docile (1.3.2)
    dotenv (2.7.6)
    indieauth-token-verification (0.2.1)
    indieweb-post_types (0.3.2)
    indieweb-post_types-identifier-bookmark (1.1.1)
      indieweb-post_types
    indieweb-post_types-identifier-read (0.2.1)
    indieweb-post_types-identifier-scrobble (0.2.1)
    multi_json (1.15.0)
    mustermann (1.1.1)
      ruby2_keywords (~> 0.0.1)
    public_suffix (4.0.5)
    rack (2.2.3)
    rack-contrib (2.2.0)
      rack (~> 2.0)
    rack-protection (2.0.8.1)
      rack
    rack-test (1.1.0)
      rack (>= 1.0, < 3)
    rspec (3.9.0)
      rspec-core (~> 3.9.0)
      rspec-expectations (~> 3.9.0)
      rspec-mocks (~> 3.9.0)
    rspec-core (3.9.2)
      rspec-support (~> 3.9.3)
    rspec-expectations (3.9.2)
      diff-lcs (>= 1.2.0, < 2.0)
      rspec-support (~> 3.9.0)
    rspec-mocks (3.9.1)
      diff-lcs (>= 1.2.0, < 2.0)
      rspec-support (~> 3.9.0)
    rspec-support (3.9.3)
    ruby2_keywords (0.0.2)
    simplecov (0.18.5)
      docile (~> 1.1)
      simplecov-html (~> 0.11)
    simplecov-html (0.12.2)
    sinatra (2.0.8.1)
      mustermann (~> 1.0)
      rack (~> 2.0)
      rack-protection (= 2.0.8.1)
      tilt (~> 2.0)
    sinatra-contrib (2.0.8.1)
      backports (>= 2.8.2)
      multi_json
      mustermann (~> 1.0)
      rack-protection (= 2.0.8.1)
      sinatra (= 2.0.8.1)
      tilt (~> 2.0)
    tilt (2.0.10)
    timecop (0.9.1)

PLATFORMS
  ruby

DEPENDENCIES
  addressable
  babosa!
  dotenv
  indieauth-token-verification
  indieweb-post_types
  indieweb-post_types-identifier-bookmark
  indieweb-post_types-identifier-read
  indieweb-post_types-identifier-scrobble
  rack-contrib
  rack-test
  rspec
  simplecov
  sinatra
  sinatra-contrib
  timecop

BUNDLED WITH
   2.0.1
