GIT
  remote: git@github.com:norman/babosa
  revision: 29f6057dac9016171e7e82c51d85e2fb5e6e5fbe
  specs:
    babosa (1.0.2)

GIT
  remote: git@github.com:srushe/indieweb-post_types-identifier-scrobble
  revision: 255053fbc98d2826408fbc09756eccfdf8bf26d4
  specs:
    indieweb-post_types-identifier-scrobble (0.1.0)

GEM
  remote: https://rubygems.org/
  specs:
    addressable (2.6.0)
      public_suffix (>= 2.0.2, < 4.0)
    backports (3.11.4)
    diff-lcs (1.3)
    docile (1.3.1)
    dotenv (2.6.0)
    indieauth-token-verification (0.2.0)
    indieweb-post_types (0.3.1)
    indieweb-post_types-identifier-bookmark (1.0.0)
      indieweb-post_types
    indieweb-post_types-identifier-read (0.1.0)
    json (2.1.0)
    multi_json (1.13.1)
    mustermann (1.0.3)
    public_suffix (3.0.3)
    rack (2.0.6)
    rack-contrib (2.1.0)
      rack (~> 2.0)
    rack-protection (2.0.5)
      rack
    rack-test (1.1.0)
      rack (>= 1.0, < 3)
    rspec (3.8.0)
      rspec-core (~> 3.8.0)
      rspec-expectations (~> 3.8.0)
      rspec-mocks (~> 3.8.0)
    rspec-core (3.8.0)
      rspec-support (~> 3.8.0)
    rspec-expectations (3.8.2)
      diff-lcs (>= 1.2.0, < 2.0)
      rspec-support (~> 3.8.0)
    rspec-mocks (3.8.0)
      diff-lcs (>= 1.2.0, < 2.0)
      rspec-support (~> 3.8.0)
    rspec-support (3.8.0)
    simplecov (0.16.1)
      docile (~> 1.1)
      json (>= 1.8, < 3)
      simplecov-html (~> 0.10.0)
    simplecov-html (0.10.2)
    sinatra (2.0.5)
      mustermann (~> 1.0)
      rack (~> 2.0)
      rack-protection (= 2.0.5)
      tilt (~> 2.0)
    sinatra-contrib (2.0.5)
      backports (>= 2.8.2)
      multi_json
      mustermann (~> 1.0)
      rack-protection (= 2.0.5)
      sinatra (= 2.0.5)
      tilt (>= 1.3, < 3)
    tilt (2.0.9)
    timecop (0.9.1)

PLATFORMS
  ruby

DEPENDENCIES
  addressable
  babosa!
  dotenv
  indieauth-token-verification
  indieweb-post_types
  indieweb-post_types-identifier-bookmark
  indieweb-post_types-identifier-read
  indieweb-post_types-identifier-scrobble!
  rack-contrib
  rack-test
  rspec
  simplecov
  sinatra
  sinatra-contrib
  timecop

BUNDLED WITH
   2.0.1
